GEM
  remote: https://rubygems.org/
  specs:
    active_paypal_adaptive_payment (0.3.16)
      activemerchant (>= 1.5.1)
      hashie (>= 1.2.0)
      mocha (>= 0.10.0)
      money (>= 3.6.0)
      multi_json (>= 1.0.0)
    activemerchant (1.95.0)
      activesupport (>= 4.2)
      builder (>= 2.1.2, < 4.0.0)
      i18n (>= 0.6.9)
      nokogiri (~> 1.4)
    activesupport (5.2.3)
      concurrent-ruby (~> 1.0, >= 1.0.2)
      i18n (>= 0.7, < 2)
      minitest (~> 5.1)
      tzinfo (~> 1.1)
    addressable (2.6.0)
      public_suffix (>= 2.0.2, < 4.0)
    ast (2.4.0)
    aws-eventstream (1.0.3)
    aws-partitions (1.169.0)
    aws-sdk-core (3.54.0)
      aws-eventstream (~> 1.0, >= 1.0.2)
      aws-partitions (~> 1.0)
      aws-sigv4 (~> 1.1)
      jmespath (~> 1.0)
    aws-sdk-kms (1.21.0)
      aws-sdk-core (~> 3, >= 3.53.0)
      aws-sigv4 (~> 1.1)
    aws-sdk-s3 (1.36.1)
      aws-sdk-core (~> 3, >= 3.48.2)
      aws-sdk-kms (~> 1)
      aws-sigv4 (~> 1.0)
    aws-sdk-sns (1.13.0)
      aws-sdk-core (~> 3, >= 3.48.2)
      aws-sigv4 (~> 1.1)
    aws-sigv4 (1.1.0)
      aws-eventstream (~> 1.0, >= 1.0.2)
    axiom-types (0.1.1)
      descendants_tracker (~> 0.0.4)
      ice_nine (~> 0.11.0)
      thread_safe (~> 0.3, >= 0.3.1)
    backports (3.14.0)
    backtrace (0.3.0)
    bitcoin (0.2.0)
      bitcoin-ruby
    bitcoin-ruby (0.0.19)
      eventmachine
      ffi
      scrypt
    builder (3.2.3)
    codecov (0.1.14)
      json
      simplecov
      url
    coercible (1.0.0)
      descendants_tracker (~> 0.0.1)
    coinbase (4.2.1)
    concurrent-ruby (1.1.5)
    crack (0.4.3)
      safe_yaml (~> 1.0.0)
    daemons (1.3.1)
    descendants_tracker (0.0.4)
      thread_safe (~> 0.3, >= 0.3.1)
    differ (0.1.2)
    diffy (3.3.0)
    docile (1.3.1)
    equalizer (0.0.11)
    eslintrb (2.1.0)
      execjs
      multi_json (>= 1.3)
      rake
    ethon (0.12.0)
      ffi (>= 1.3.0)
    eventmachine (1.2.7)
    execjs (2.7.0)
    faraday (0.15.4)
      multipart-post (>= 1.2, < 3)
    faraday_middleware (0.13.1)
      faraday (>= 0.7.4, < 1.0)
    ffi (1.11.1)
    ffi-compiler (1.0.1)
      ffi (>= 1.0.0)
      rake
    futex (0.8.6)
    geocoder (1.5.1)
    get_process_mem (0.2.3)
    glogin (0.5.1)
    haml (5.0.4)
      temple (>= 0.8.0)
      tilt
    hashdiff (0.4.0)
    hashie (3.6.0)
    i18n (1.6.0)
      concurrent-ruby (~> 1.0)
    ice_nine (0.11.2)
    ipaddr (1.2.2)
    iri (0.4.2)
    jaro_winkler (1.5.2)
    jmespath (1.4.0)
    json (2.2.0)
    listen (3.1.5)
      rb-fsevent (~> 0.9, >= 0.9.4)
      rb-inotify (~> 0.9, >= 0.9.7)
      ruby_dep (~> 1.2)
    memory_profiler (0.9.13)
    metaclass (0.0.4)
    mimic (0.4.4)
      json
      plist (~> 3.1.0)
      rack
      sinatra
      thin
    mini_portile2 (2.4.0)
    minitest (5.11.3)
    mocha (1.8.0)
      metaclass (~> 0.0.1)
    money (6.13.3)
      i18n (>= 0.6.4, <= 2)
    multi_json (1.13.1)
    multipart-post (2.1.1)
    mustermann (1.0.3)
    nokogiri (1.10.3)
      mini_portile2 (~> 2.4.0)
    oauth (0.5.4)
    openssl (2.1.2)
      ipaddr
    parallel (1.17.0)
    parser (2.6.3.0)
      ast (~> 2.4.0)
    paypal-sdk-rest (1.7.3)
      multi_json (~> 1.0)
      xml-simple
    pg (1.1.4)
    pgtk (0.6.2)
      backtrace (~> 0.3)
      pg (~> 1.1)
      random-port (~> 0.3)
    plist (3.1.0)
    powerpack (0.1.2)
    public_suffix (3.1.0)
    rack (2.0.6)
    rack-protection (2.0.5)
      rack
    rack-ssl (1.4.1)
      rack
    rack-test (1.1.0)
      rack (>= 1.0, < 3)
    rack_csrf (2.6.0)
      rack (>= 1.1.0)
    rainbow (3.0.0)
    rake (12.3.1)
    random-port (0.3.1)
    rb-fsevent (0.10.3)
    rb-inotify (0.10.0)
      ffi (~> 1.0)
    rerun (0.13.0)
      listen (~> 3.0)
    rubocop (0.62.0)
      jaro_winkler (~> 1.5.1)
      parallel (~> 1.10)
      parser (>= 2.5, != 2.5.1.1)
      powerpack (~> 0.1)
      rainbow (>= 2.2.2, < 4.0)
      ruby-progressbar (~> 1.7)
      unicode-display_width (~> 1.4.0)
    rubocop-rspec (1.31.0)
      rubocop (>= 0.60.0)
    ruby-progressbar (1.10.1)
    ruby_dep (1.5.0)
    safe_yaml (1.0.5)
    sass (3.7.4)
      sass-listen (~> 4.0.0)
    sass-listen (4.0.0)
      rb-fsevent (~> 0.9, >= 0.9.4)
      rb-inotify (~> 0.9, >= 0.9.7)
    scrypt (3.0.6)
      ffi-compiler (>= 1.0, < 2.0)
    semantic (1.6.1)
    sentry-raven (2.9.0)
      faraday (>= 0.7.6, < 1.0)
    sibit (0.12.3)
      backtrace (~> 0.3)
      bitcoin (= 0.2.0)
      json (~> 2)
      slop (~> 4.6)
    simplecov (0.16.1)
      docile (~> 1.1)
      json (>= 1.8, < 3)
      simplecov-html (~> 0.10.0)
    simplecov-html (0.10.2)
    sinatra (2.0.5)
      mustermann (~> 1.0)
      rack (~> 2.0)
      rack-protection (= 2.0.5)
      tilt (~> 2.0)
    sinatra-contrib (2.0.5)
      backports (>= 2.8.2)
      multi_json
      mustermann (~> 1.0)
      rack-protection (= 2.0.5)
      sinatra (= 2.0.5)
      tilt (>= 1.3, < 3)
    slop (4.6.2)
    svg-graph (2.1.3)
    syncem (0.1.1)
    sys-proctable (1.2.1)
      ffi
    telebot (0.1.2)
      faraday
      faraday_middleware
      virtus
    telepost (0.3.1)
      telebot (= 0.1.2)
    temple (0.8.1)
    thin (1.7.2)
      daemons (~> 1.0, >= 1.0.9)
      eventmachine (~> 1.0, >= 1.0.4)
      rack (>= 1, < 3)
    thread_safe (0.3.6)
    threads (0.3.0)
      backtrace (~> 0)
      concurrent-ruby (~> 1.0)
    tilt (2.0.9)
    total (0.3.0)
    typhoeus (1.3.1)
      ethon (>= 0.9.0)
    tzinfo (1.2.5)
      thread_safe (~> 0.1)
    unicode-display_width (1.4.1)
    upwork-api (1.3.2)
      oauth (>= 0.4.7)
    url (0.3.2)
    usagewatch (0.0.7)
    usagewatch_ext (0.2.1)
      usagewatch (~> 0.0.6)
    virtus (1.0.5)
      axiom-types (~> 0.1)
      coercible (~> 1.0)
      descendants_tracker (~> 0.0, >= 0.0.3)
      equalizer (~> 0.0, >= 0.0.9)
    webmock (3.5.1)
      addressable (>= 2.3.6)
      crack (>= 0.3.2)
      hashdiff
    xcop (0.6)
      differ (~> 0.1.2)
      nokogiri (~> 1.8)
      rainbow (~> 3.0)
      slop (~> 4.4)
    xml-simple (1.1.5)
    zache (0.12.0)
    zold (0.29.30)
      backtrace (>= 0.3)
      concurrent-ruby (= 1.1.5)
      diffy (= 3.3.0)
      futex (>= 0.8.5)
      get_process_mem (~> 0.2)
      haml (= 5.0.4)
      json (= 2.2.0)
      memory_profiler (= 0.9.13)
      mimic (= 0.4.4)
      openssl (= 2.1.2)
      rainbow (= 3.0.0)
      semantic (= 1.6.1)
      sinatra (= 2.0.5)
      slop (= 4.6.2)
      sys-proctable (= 1.2.1)
      thin (= 1.7.2)
      threads (>= 0.3)
      total (>= 0.3)
      typhoeus (= 1.3.1)
      usagewatch_ext (= 0.2.1)
      zache (>= 0.12)
      zold-score (= 0.4.6)
    zold-score (0.4.6)

PLATFORMS
  ruby
  x86_64-darwin-16
  x86_64-darwin-17
  x86_64-darwin-18

DEPENDENCIES
  active_paypal_adaptive_payment (= 0.3.16)
  aws-sdk-s3 (= 1.36.1)
  aws-sdk-sns (= 1.13.0)
  backports (= 3.14.0)
  backtrace (= 0.3.0)
  codecov (= 0.1.14)
  coinbase (= 4.2.1)
  concurrent-ruby (>= 1.1)
  eslintrb (= 2.1.0)
  futex (= 0.8.6)
  geocoder (= 1.5.1)
  get_process_mem (~> 0.2)
  glogin (~> 0.4)
  haml (= 5.0.4)
  iri (= 0.4.2)
  minitest (= 5.11.3)
  paypal-sdk-rest (= 1.7.3)
  pgtk (= 0.6.2)
  rack (= 2.0.6)
  rack-ssl (= 1.4.1)
  rack-test (= 1.1.0)
  rack_csrf (= 2.6.0)
  rake (= 12.3.1)
  random-port (= 0.3.1)
  rerun (= 0.13.0)
  rubocop (= 0.62.0)
  rubocop-rspec (= 1.31.0)
  sass (= 3.7.4)
  sentry-raven (= 2.9.0)
  sibit (= 0.12.3)
  sinatra (= 2.0.5)
  sinatra-contrib (= 2.0.5)
  svg-graph (= 2.1.3)
  syncem (= 0.1.1)
  telebot (= 0.1.2)
  telepost (>= 0.3.1)
  total (>= 0.2.0)
  upwork-api (= 1.3.2)
  webmock (= 3.5.1)
  xcop (= 0.6)
  zache (>= 0.12.0)
  zold (= 0.29.30)

RUBY VERSION
   ruby 2.6.0p0

BUNDLED WITH
   1.17.2
